GEM
  remote: https://rubygems.org/
  specs:
    brakeman (4.10.0)

PLATFORMS
  ruby

DEPENDENCIES
  brakeman

RUBY VERSION
   ruby 2.7.2p137

BUNDLED WITH
   2.1.4
